GENERATE-LOAD-SCRIPTS: ON
RESTRICTION: == net472
NUGET
  remote: https://api.nuget.org/v3/index.json
    Angara.Chart (0.3.1)
      Angara.Serialization (>= 0.3 < 0.4)
    Angara.Chart.CSharp (0.3.1)
      Angara.Chart (>= 0.3.1)
    Angara.Serialization (0.3)
    Angara.Serialization.Json (0.3)
      Angara.Serialization (>= 0.3)
      Newtonsoft.Json (>= 10.0.1)
    Angara.Statistics (0.1.4)
      Angara.Serialization
    BioFSharp (1.0.2)
      FSharp.Core (>= 4.7)
      FSharpAux (>= 1.0)
      FSharpAux.IO (>= 1.0)
    DotNetZip (1.13.5)
      System.Security.Permissions (>= 4.5 < 5.0)
      System.Text.Encoding.CodePages (>= 4.5 < 5.0)
      System.Text.Encoding.Extensions (>= 4.3 < 5.0)
    FSharp.Charting (0.91.1)
    FSharp.Core (4.7)
    FSharp.Plotly (1.2)
      FSharp.Core
      Newtonsoft.Json
    FSharp.Stats (0.2.1-beta)
      FSharp.Core
      FSharpAux
      FSharpAux.IO
    FSharpAux (1.0)
      FSharp.Core
    FSharpAux.IO (1.0)
      FSharp.Core
      FSharpAux (>= 1.0)
    Itis.Angara.Base (0.3.4)
      Angara.Chart (>= 0.3.1 < 0.4)
      Angara.Chart.CSharp (>= 0.3.1 < 0.4)
      Angara.Serialization (>= 0.3 < 0.4)
      Angara.Statistics (>= 0.1 < 1.0)
      FSharp.Core (>= 4.2.3)
      Itis.Angara.Html (>= 0.3.4)
      Itis.Angara.Reinstate (>= 0.3.4)
      Itis.Angara.Table (>= 0.3.4 < 0.4)
      System.Collections.Immutable (>= 1.1.36)
    Itis.Angara.Html (0.3.4)
      Angara.Serialization (>= 0.3 < 0.4)
      Angara.Serialization.Json (>= 0.3 < 0.4)
      DotNetZip (>= 1.11 < 2.0)
      FSharp.Core (>= 4.2.3)
      Itis.Angara.Reinstate (>= 0.3.4)
      Newtonsoft.Json (>= 10.0.1)
      Suave (>= 1.1.2)
    Itis.Angara.Reinstate (0.3.4)
      Angara.Serialization (>= 0.3 < 0.4)
      Angara.Serialization.Json (>= 0.3 < 0.4)
      FSharp.Core (>= 4.2.3)
      Newtonsoft.Json (>= 10.0.1)
    Itis.Angara.Table (0.3.4)
      Angara.Serialization (>= 0.3 < 0.4)
      Angara.Statistics (>= 0.1 < 1.0)
      System.Collections.Immutable (>= 1.1.36)
    Newtonsoft.Json (12.0.3)
    Suave (1.1.3)
      FSharp.Core (>= 3.1.2.5)
    System.Buffers (4.5)
    System.Collections.Immutable (1.7)
      System.Memory (>= 4.5.3)
    System.Memory (4.5.3)
      System.Buffers (>= 4.4)
      System.Numerics.Vectors (>= 4.4)
      System.Runtime.CompilerServices.Unsafe (>= 4.5.2)
    System.Numerics.Vectors (4.5)
    System.Runtime.CompilerServices.Unsafe (4.7)
    System.Security.AccessControl (4.7)
      System.Security.Principal.Windows (>= 4.7)
    System.Security.Permissions (4.7)
      System.Security.AccessControl (>= 4.7)
    System.Security.Principal.Windows (4.7)
    System.Text.Encoding.CodePages (4.7)
      System.Runtime.CompilerServices.Unsafe (>= 4.7)
    System.Text.Encoding.Extensions (4.3)
    XPlot.Plotly (2.0)
      FSharp.Core
      Newtonsoft.Json (>= 12.0.1)
