GENERATE-LOAD-SCRIPTS: ON
RESTRICTION: == net472
NUGET
  remote: https://api.nuget.org/v3/index.json
    Angara.Chart (0.3.1)
      Angara.Serialization (>= 0.3 < 0.4)
    Angara.Chart.CSharp (0.3.1)
      Angara.Chart (>= 0.3.1)
    Angara.Serialization (0.3)
    Angara.Serialization.Json (0.3)
      Angara.Serialization (>= 0.3)
      Newtonsoft.Json (>= 10.0.1)
    Angara.Statistics (0.1.4)
      Angara.Serialization
    BioFSharp (1.0.2)
      FSharp.Core (>= 4.7)
      FSharpAux (>= 1.0)
      FSharpAux.IO (>= 1.0)
    BioFSharp.IO (1.0.2)
      BioFSharp (>= 1.0.2)
      FSharp.Core (>= 4.7)
      FSharpAux (>= 1.0)
      FSharpAux.IO (>= 1.0)
      Newtonsoft.Json (>= 12.0.3)
    Deedle (2.1.2)
      FSharp.Core (>= 4.5.2)
    Deedle.RPlugin (2.1.2)
      Deedle (>= 2.1.2)
      R.NET.Community (>= 1.7)
      R.NET.Community.FSharp (>= 1.7)
      RProvider (>= 1.1.22)
    DotNetZip (1.13.7)
    DynamicInterop (0.8.1)
    Foogle.Charts (0.0.5)
    FSharp.Charting (0.91.1)
    FSharp.Compiler.Service (34.1.1)
      FSharp.Core (>= 4.6.2)
      System.Buffers (>= 4.5)
      System.Collections.Immutable (>= 1.5)
      System.Memory (>= 4.5.3)
      System.Reflection.Metadata (>= 1.6)
      System.ValueTuple (>= 4.4)
    FSharp.Compiler.Tools (10.2.3)
    FSharp.Core (4.7.1)
    FSharp.Data (3.3.3)
      FSharp.Core (>= 4.0.0.1)
    FSharp.Plotly (1.2)
      FSharp.Core
      Newtonsoft.Json
    FSharp.Stats (0.2.1-beta)
      FSharp.Core
      FSharpAux
      FSharpAux.IO
    FSharpAux (1.0)
      FSharp.Core
    FSharpAux.IO (1.0)
      FSharp.Core
      FSharpAux (>= 1.0)
    FsLab (0.0.18)
      Deedle (>= 1.0.1)
      Deedle.RPlugin (>= 1.0.1)
      Foogle.Charts (>= 0.0.2)
      FSharp.Charting (>= 0.90.6)
      FSharp.Data (>= 2.0.9)
      MathNet.Numerics (>= 3.0)
      MathNet.Numerics.FSharp (>= 3.0)
      R.NET.Community (>= 1.5.15)
      R.NET.Community.FSharp (>= 0.1.8)
      RProvider (>= 1.0.13)
    Itis.Angara.Base (0.3.4)
      Angara.Chart (>= 0.3.1 < 0.4)
      Angara.Chart.CSharp (>= 0.3.1 < 0.4)
      Angara.Serialization (>= 0.3 < 0.4)
      Angara.Statistics (>= 0.1 < 1.0)
      FSharp.Core (>= 4.2.3)
      Itis.Angara.Html (>= 0.3.4)
      Itis.Angara.Reinstate (>= 0.3.4)
      Itis.Angara.Table (>= 0.3.4 < 0.4)
      System.Collections.Immutable (>= 1.1.36)
    Itis.Angara.Html (0.3.4)
      Angara.Serialization (>= 0.3 < 0.4)
      Angara.Serialization.Json (>= 0.3 < 0.4)
      DotNetZip (>= 1.11 < 2.0)
      FSharp.Core (>= 4.2.3)
      Itis.Angara.Reinstate (>= 0.3.4)
      Newtonsoft.Json (>= 10.0.1)
      Suave (>= 1.1.2)
    Itis.Angara.Reinstate (0.3.4)
      Angara.Serialization (>= 0.3 < 0.4)
      Angara.Serialization.Json (>= 0.3 < 0.4)
      FSharp.Core (>= 4.2.3)
      Newtonsoft.Json (>= 10.0.1)
    Itis.Angara.Table (0.3.4)
      Angara.Serialization (>= 0.3 < 0.4)
      Angara.Statistics (>= 0.1 < 1.0)
      System.Collections.Immutable (>= 1.1.36)
    MathNet.Numerics (4.9)
    MathNet.Numerics.FSharp (4.9)
      FSharp.Core (>= 4.3.3)
      MathNet.Numerics (>= 4.9)
    Newtonsoft.Json (12.0.3)
    R.NET (1.7)
      DynamicInterop (0.8.1)
    R.NET.Community (1.7)
      R.NET (>= 1.7)
    R.NET.Community.FSharp (1.7)
      R.NET.FSharp (>= 1.7)
    R.NET.FSharp (1.7)
      R.NET (>= 1.7)
    RProvider (1.1.22)
      DynamicInterop (0.8.1)
      R.NET.Community (1.7)
      R.NET.Community.FSharp (1.7)
    Suave (1.1.3)
      FSharp.Core (>= 3.1.2.5)
    System.Buffers (4.5)
    System.Collections.Immutable (1.7)
      System.Memory (>= 4.5.3)
    System.Memory (4.5.3)
      System.Buffers (>= 4.4)
      System.Numerics.Vectors (>= 4.4)
      System.Runtime.CompilerServices.Unsafe (>= 4.5.2)
    System.Numerics.Vectors (4.5)
    System.Reflection.Metadata (1.8)
      System.Collections.Immutable (>= 1.7)
    System.Runtime.CompilerServices.Unsafe (4.7)
    System.ValueTuple (4.5)
    XPlot.Plotly (2.0)
      FSharp.Core
      Newtonsoft.Json (>= 12.0.1)
